GEM
  remote: https://rubygems.org/
  specs:
    anyway_config (2.6.2)
      ruby-next-core (~> 1.0)
    ruby-next-core (1.0.1)

PLATFORMS
  arm64-darwin-21
  ruby

DEPENDENCIES
  anyway_config (= 2.6.2)

BUNDLED WITH
   2.5.3
